GEM
  remote: https://rubygems.org/
  specs:
    blankslate (3.1.3)
    diff-lcs (1.3)
    parslet (1.7.1)
      blankslate (>= 2.0, <= 4.0)
    rspec (3.5.0)
      rspec-core (~> 3.5.0)
      rspec-expectations (~> 3.5.0)
      rspec-mocks (~> 3.5.0)
    rspec-core (3.5.4)
      rspec-support (~> 3.5.0)
    rspec-expectations (3.5.0)
      diff-lcs (>= 1.2.0, < 2.0)
      rspec-support (~> 3.5.0)
    rspec-mocks (3.5.0)
      diff-lcs (>= 1.2.0, < 2.0)
      rspec-support (~> 3.5.0)
    rspec-support (3.5.0)

PLATFORMS
  x64-mingw32

DEPENDENCIES
  parslet (= 1.7.1)
  rspec (= 3.5.0)

BUNDLED WITH
   1.13.6
